GEM
  remote: http://gemcutter.org/
  specs:
    actionmailer (2.3.5)
      actionpack (= 2.3.5)
    actionpack (2.3.5)
      activesupport (= 2.3.5)
      rack (~> 1.0.0)
    activerecord (2.3.5)
      activesupport (= 2.3.5)
    activeresource (2.3.5)
      activesupport (= 2.3.5)
    activesupport (2.3.5)
    columnize (0.3.4)
    json (1.5.3)
    linecache (0.46)
      rbx-require-relative (> 0.0.4)
    oauth (0.4.5)
    rack (1.0.1)
    rails (2.3.5)
      actionmailer (= 2.3.5)
      actionpack (= 2.3.5)
      activerecord (= 2.3.5)
      activeresource (= 2.3.5)
      activesupport (= 2.3.5)
      rake (>= 0.8.3)
    rake (0.9.2)
    rbx-require-relative (0.0.5)
    ruby-debug (0.10.4)
      columnize (>= 0.1)
      ruby-debug-base (~> 0.10.4.0)
    ruby-debug-base (0.10.4)
      linecache (>= 0.3)
    sqlite3 (1.3.3)
    sqlite3-ruby (1.3.3)
      sqlite3 (>= 1.3.3)
    twitter4r (0.7.0)
      json (>= 1.1.1)
      oauth (>= 0.4.1)

PLATFORMS
  ruby

DEPENDENCIES
  rails (= 2.3.5)
  ruby-debug
  sqlite3-ruby
  twitter4r
